GEM
  remote: https://rubygems.org/
  specs:
    colored (1.2)
    cxx (0.1.17)
      cxxproject
      highline
    cxxproject (0.6.31)
      colored
      frazzle
    cxxproject_gcctoolchain (0.1.10)
      cxxproject
    frazzle (0.1.4)
    highline (1.7.8)

PLATFORMS
  ruby

DEPENDENCIES
  cxx
  cxxproject_gcctoolchain

BUNDLED WITH
   1.12.5
