GEM
  remote: https://rubygems.org/
  specs:
    colored (1.2)
    cxx (0.1.17)
      cxxproject
      highline
    cxxproject (0.6.31)
      colored
      frazzle
    cxxproject_clangformat (0.0.1)
      cxx
    cxxproject_gcctoolchain (0.1.10)
      cxxproject
    frazzle (0.1.4)
    highline (1.7.8)
    rake (12.2.1)

PLATFORMS
  ruby

DEPENDENCIES
  cxxproject_clangformat
  cxxproject_gcctoolchain
  rake

BUNDLED WITH
   1.15.4
